GIT
  remote: https://github.com/Roman2K/utils-ruby.git
  revision: 3226ef433b0d4f1ba84b6e60fe52087892f692c4
  specs:
    utils-ruby (0.1.0)
      net_http_unix (~> 0.2)
      simple-logger

PATH
  remote: .
  specs:
    simple-logger (0.1.0)

GEM
  remote: https://rubygems.org/
  specs:
    ansi (1.5.0)
    builder (3.2.4)
    coderay (1.1.3)
    method_source (1.0.0)
    minitest (5.16.3)
    minitest-reporters (1.5.0)
      ansi
      builder
      minitest (>= 5.0)
      ruby-progressbar
    net_http_unix (0.2.2)
    pry (0.14.1)
      coderay (~> 1.1)
      method_source (~> 1.0)
    ruby-progressbar (1.11.0)

PLATFORMS
  x86_64-linux

DEPENDENCIES
  minitest
  minitest-reporters
  pry
  simple-logger!
  utils-ruby!

BUNDLED WITH
   2.3.22
